GEM
  specs:

GEM
  remote: https://rubygems.org/
  specs:
    ast (2.4.2)
    brakeman (4.4.0)
    parallel (1.26.3)
    parser (2.7.2.0)
      ast (~> 2.4.1)
    rainbow (3.1.1)
    regexp_parser (2.9.2)
    rexml (3.3.7)
    rubocop (0.93.1)
      parallel (~> 1.10)
      parser (>= 2.7.1.5)
      rainbow (>= 2.2.2, < 4.0)
      regexp_parser (>= 1.8)
      rexml
      rubocop-ast (>= 0.6.0)
      ruby-progressbar (~> 1.7)
      unicode-display_width (>= 1.4.0, < 2.0)
    rubocop-ast (1.4.1)
      parser (>= 2.7.1.5)
    ruby-progressbar (1.13.0)
    unicode-display_width (1.8.0)

PLATFORMS
  ruby
  x64-mingw-ucrt

DEPENDENCIES
  brakeman!
  rubocop!

BUNDLED WITH
   2.5.16
